GEM
  remote: http://rubygems.org/
  specs:
    activemodel (3.0.5)
      activesupport (= 3.0.5)
      builder (~> 2.1.2)
      i18n (~> 0.4)
    activerecord (3.0.5)
      activemodel (= 3.0.5)
      activesupport (= 3.0.5)
      arel (~> 2.0.2)
      tzinfo (~> 0.3.23)
    activesupport (3.0.5)
    addressable (2.2.4)
    arel (2.0.9)
    builder (2.1.2)
    faraday (0.5.7)
      addressable (~> 2.2.4)
      multipart-post (~> 1.1.0)
      rack (>= 1.1.0, < 2)
    faraday_middleware (0.3.2)
      faraday (~> 0.5.4)
    hashie (1.0.0)
    i18n (0.5.0)
    json (1.5.1)
    multi_json (0.0.5)
    multi_xml (0.2.1)
    multipart-post (1.1.0)
    rack (1.2.1)
    simple_oauth (0.1.4)
    sinatra (1.1.3)
      rack (~> 1.1)
      tilt (>= 1.2.2, < 2.0)
    sqlite3 (1.3.3)
    tilt (1.2.2)
    twitter (1.1.2)
      faraday (~> 0.5.4)
      faraday_middleware (~> 0.3.1)
      hashie (~> 1.0.0)
      multi_json (~> 0.0.5)
      multi_xml (~> 0.2.0)
      simple_oauth (~> 0.1.3)
    tzinfo (0.3.24)

PLATFORMS
  ruby

DEPENDENCIES
  activerecord (~> 3.0.5)
  json (~> 1.5.1)
  sinatra (~> 1.1.3)
  sqlite3 (~> 1.3.3)
  twitter (~> 1.1.2)
